GEM
  remote: https://rubygems.org/
  specs:
    chunky_png (1.3.4)
    glu (8.2.1-x86-mingw32)
    glut (8.2.1-x86-mingw32)
    opengl (0.9.2-x86-mingw32)

PLATFORMS
  x86-mingw32

DEPENDENCIES
  chunky_png
  glu
  glut
  opengl
